GEM
  remote: http://rubygems.org/
  specs:
    activesupport (3.2.6)
      i18n (~> 0.6)
      multi_json (~> 1.0)
    addressable (2.2.8)
    amq-client (0.9.2)
      amq-protocol (>= 0.9.0)
      eventmachine
    amq-protocol (0.9.0)
    amqp (0.9.4)
      amq-client (~> 0.9.2)
      amq-protocol (>= 0.9.0)
      eventmachine
    clockwork (0.4.0)
      tzinfo
    daemons (1.1.8)
    eventmachine (0.12.10)
    excon (0.14.1)
    faraday (0.8.1)
      multipart-post (~> 1.1)
    fastercsv (1.5.5)
    foreman (0.47.0)
      thor (>= 0.13.6)
    geokit (1.6.5)
      multi_json
    hashie (1.2.0)
    heroku (2.28.0)
      heroku-api (~> 0.2.5)
      launchy (>= 0.3.2)
      netrc (~> 0.7.4)
      rest-client (~> 1.6.1)
      rubyzip
    heroku-api (0.2.6)
      excon (~> 0.14.0)
    htmlentities (4.3.1)
    http_parser.rb (0.5.3)
    httparty (0.8.3)
      multi_json (~> 1.0)
      multi_xml
    i18n (0.6.0)
    json (1.7.3)
    klout (3.0.0)
      hashie
      httparty
      json
    launchy (2.1.0)
      addressable (~> 2.2.6)
    mime-types (1.19)
    multi_json (1.3.6)
    multi_xml (0.5.1)
    multipart-post (1.1.5)
    netrc (0.7.4)
    oauth (0.4.6)
    rest-client (1.6.7)
      mime-types (>= 1.16)
    retryable (1.3.0)
    rubyzip (0.9.9)
    simple_oauth (0.1.8)
    t (0.9.9)
      activesupport (>= 2.3.11, < 4)
      fastercsv (~> 1.5)
      geokit (~> 1.6)
      htmlentities (~> 4.3)
      json (~> 1.6)
      launchy (~> 2.0)
      oauth (~> 0.4)
      retryable (~> 1.2)
      thor (>= 0.15.2, < 2)
      tweetstream (~> 1.1)
      twitter (~> 2.4)
      twitter-text (~> 1.4)
    thor (0.15.2)
    tweetstream (1.1.5)
      daemons (~> 1.1)
      multi_json (~> 1.3)
      twitter-stream (>= 0.1.14, < 1)
    twitter (2.5.0)
      faraday (~> 0.8)
      multi_json (~> 1.3)
      simple_oauth (~> 0.1.6)
    twitter-stream (0.1.15)
      eventmachine (>= 0.12.8)
      http_parser.rb (~> 0.5.1)
      simple_oauth (~> 0.1.4)
    twitter-text (1.4.17)
      activesupport
    tzinfo (0.3.33)
    zemanta (0.0.1)
      httparty

PLATFORMS
  ruby

DEPENDENCIES
  amqp
  clockwork
  foreman
  heroku
  httparty
  klout
  t
  tweetstream
  twitter
  zemanta
